GEM
  remote: https://rubygems.org/
  specs:
    redcarpet (3.4.0)

PLATFORMS
  ruby
  x64-mingw32

DEPENDENCIES
  redcarpet

BUNDLED WITH
   1.17.3
